PATH
  remote: .
  specs:
    madeleine-rack (0.0.1.pre)
      madeleine (~> 0.9.0)
      rack (>= 1.4)

GEM
  remote: http://rubygems.org/
  specs:
    diff-lcs (1.2.5)
    madeleine (0.9.0)
    rack (1.5.2)
    rspec (2.14.1)
      rspec-core (~> 2.14.0)
      rspec-expectations (~> 2.14.0)
      rspec-mocks (~> 2.14.0)
    rspec-core (2.14.7)
    rspec-expectations (2.14.4)
      diff-lcs (>= 1.1.3, < 2.0)
    rspec-mocks (2.14.4)

PLATFORMS
  ruby

DEPENDENCIES
  madeleine-rack!
  rspec
