PATH
  remote: .
  specs:
    madeleine-rack (0.0.1.pre)
      madeleine (= 0.8.0)
      rack (~> 1.4.1)

GEM
  remote: http://rubygems.org/
  specs:
    diff-lcs (1.1.3)
    madeleine (0.8.0)
    rack (1.4.3)
    rspec (2.12.0)
      rspec-core (~> 2.12.0)
      rspec-expectations (~> 2.12.0)
      rspec-mocks (~> 2.12.0)
    rspec-core (2.12.1)
    rspec-expectations (2.12.0)
      diff-lcs (~> 1.1.3)
    rspec-mocks (2.12.0)

PLATFORMS
  ruby

DEPENDENCIES
  madeleine-rack!
  rspec
